GIT
  remote: https://github.com/MagLev/json.git
  revision: b49f3ff1372fc9a943c50999f55597ebf94fc3cc
  specs:
    json (1.5.4)

GEM
  remote: http://rubygems.org/
  specs:
    bcrypt-ruby (2.1.4)
    coffee-script (2.1.1)
      coffee-script-source
    coffee-script-source (1.0.0)
    compass (0.10.6)
      haml (>= 3.0.4)
    haml (3.0.25)
    rack (1.2.1)
    rack-flash (0.1.1)
      rack
    rdiscount (1.6.8)
    sinatra (1.1.2)
      rack (~> 1.1)
      tilt (~> 1.2)
    tilt (1.2.2)

PLATFORMS
  ruby

DEPENDENCIES
  bcrypt-ruby
  coffee-script
  compass
  haml
  json!
  rack-flash
  rdiscount
  sinatra
